PATH
  remote: .
  specs:
    test_off (0.1.0)

GEM
  remote: https://rubygems.org/
  specs:
    minitest (5.16.3)
    mocha (1.14.0)
    rake (13.0.6)

PLATFORMS
  x86_64-linux

DEPENDENCIES
  bundler (~> 2.3)
  minitest (~> 5.16)
  mocha (~> 1.14)
  rake (~> 13.0)
  test_off!

BUNDLED WITH
   2.3.20
